GEM
  remote: https://rubygems.org/
  specs:
    pg (1.5.9)

PLATFORMS
  ruby
  x86_64-linux

DEPENDENCIES
  pg

BUNDLED WITH
   2.6.6
